{
  "InstitutionAddress": "Strasse des 17. Juni, Berlin, Germany",
  "InstitutionName": "Technische Universitaet zu Berlin",
  "InstitutionalDepartmentName": "Biopsychology and Neuroergonomics",
  "PowerLineFrequency": 50,
  "ManufacturersModelName": "n/a",
  "SamplingFrequency": 250,
  "TaskName": "ReachToTouchPredictionError",
  "EOGChannelCount": 0,
  "EEGChannelCount": 64,
  "EEGReference": "Fp1 Fp2 F7 F3 Fz F4 F8 FC5 FC1 FC2 FC6 T7 C3 Cz C4 T8 TP9 CP5 CP1 CP2 CP6 TP10 P7 P3 Pz P4 P8 PO9 O1 Oz O2 PO10 AF7 AF3 AF4 AF8 F5 F1 F2 F6 FT9 FT7 FC3 FC4 FT8 FT10 C5 C1 C2 C6 TP7 CP3 CPz CP4 TP8 P5 P1 P2 P6 PO7 PO3 POz PO4 PO8 FCz ",
  "RecordingType": "continuous",
  "RecordingDuration": 4822.256,
  "ECGChannelCount": 0,
  "EMGChannelCount": 0,
  "SoftwareFilters": "n/a"
}